PATH
  remote: .
  specs:
    xcflushd (1.0.0)
      3scale_client (~> 2.11)
      concurrent-ruby (~> 1.0.5)
      daemons (~> 1.2.4)
      gli (~> 2.16.0)
      hiredis (~> 0.6.1)
      net-http-persistent (~> 2.9.4)
      redis (~> 3.3.3)

GEM
  remote: https://rubygems.org/
  specs:
    3scale_client (2.11.0)
      nokogiri
    ast (2.3.0)
    concurrent-ruby (1.0.5)
    daemons (1.2.4)
    diff-lcs (1.3)
    docile (1.1.5)
    fakeredis (0.6.0)
      redis (~> 3.2)
    gli (2.16.0)
    hiredis (0.6.1)
    json (2.1.0)
    mini_portile2 (2.1.0)
    net-http-persistent (2.9.4)
    nokogiri (1.7.1)
      mini_portile2 (~> 2.1.0)
    parser (2.4.0.0)
      ast (~> 2.2)
    powerpack (0.1.1)
    rainbow (2.2.2)
      rake
    rake (11.3.0)
    redis (3.3.3)
    rspec (3.5.0)
      rspec-core (~> 3.5.0)
      rspec-expectations (~> 3.5.0)
      rspec-mocks (~> 3.5.0)
    rspec-core (3.5.4)
      rspec-support (~> 3.5.0)
    rspec-expectations (3.5.0)
      diff-lcs (>= 1.2.0, < 2.0)
      rspec-support (~> 3.5.0)
    rspec-mocks (3.5.0)
      diff-lcs (>= 1.2.0, < 2.0)
      rspec-support (~> 3.5.0)
    rspec-support (3.5.0)
    rubocop (0.48.1)
      parser (>= 2.3.3.1, < 3.0)
      powerpack (~> 0.1)
      rainbow (>= 1.99.1, < 3.0)
      ruby-progressbar (~> 1.7)
      unicode-display_width (~> 1.0, >= 1.0.1)
    ruby-progressbar (1.8.1)
    simplecov (0.14.1)
      docile (~> 1.1.0)
      json (>= 1.8, < 3)
      simplecov-html (~> 0.10.0)
    simplecov-html (0.10.0)
    unicode-display_width (1.2.1)

PLATFORMS
  ruby

DEPENDENCIES
  bundler (~> 1.14)
  fakeredis (~> 0.6)
  rake (~> 11.0)
  rspec (~> 3.5)
  rubocop (~> 0.48)
  simplecov (~> 0.14)
  xcflushd!

BUNDLED WITH
   1.14.6
