PATH
  remote: .
  specs:
    xcflushd (1.0.0.rc2)
      3scale_client (~> 2.10.0)
      concurrent-ruby (= 1.0.2)
      daemons (= 1.2.4)
      gli (= 2.14.0)
      hiredis (= 0.6.1)
      net-http-persistent (= 2.9.4)
      redis (= 3.3.1)

GEM
  remote: https://rubygems.org/
  specs:
    3scale_client (2.10.0)
      nokogiri
    ast (2.3.0)
    concurrent-ruby (1.0.2)
    daemons (1.2.4)
    diff-lcs (1.2.5)
    docile (1.1.5)
    fakeredis (0.6.0)
      redis (~> 3.2)
    gli (2.14.0)
    hiredis (0.6.1)
    json (2.0.2)
    mini_portile2 (2.1.0)
    net-http-persistent (2.9.4)
    nokogiri (1.6.8.1)
      mini_portile2 (~> 2.1.0)
    parser (2.3.3.1)
      ast (~> 2.2)
    powerpack (0.1.1)
    rainbow (2.1.0)
    rake (11.2.2)
    redis (3.3.1)
    rspec (3.5.0)
      rspec-core (~> 3.5.0)
      rspec-expectations (~> 3.5.0)
      rspec-mocks (~> 3.5.0)
    rspec-core (3.5.2)
      rspec-support (~> 3.5.0)
    rspec-expectations (3.5.0)
      diff-lcs (>= 1.2.0, < 2.0)
      rspec-support (~> 3.5.0)
    rspec-mocks (3.5.0)
      diff-lcs (>= 1.2.0, < 2.0)
      rspec-support (~> 3.5.0)
    rspec-support (3.5.0)
    rubocop (0.46.0)
      parser (>= 2.3.1.1, < 3.0)
      powerpack (~> 0.1)
      rainbow (>= 1.99.1, < 3.0)
      ruby-progressbar (~> 1.7)
      unicode-display_width (~> 1.0, >= 1.0.1)
    ruby-progressbar (1.8.1)
    simplecov (0.12.0)
      docile (~> 1.1.0)
      json (>= 1.8, < 3)
      simplecov-html (~> 0.10.0)
    simplecov-html (0.10.0)
    unicode-display_width (1.1.2)

PLATFORMS
  ruby

DEPENDENCIES
  bundler (~> 1.12)
  fakeredis (~> 0.6.0)
  rake (~> 11.0)
  rspec (~> 3.0)
  rubocop (~> 0.46.0)
  simplecov (~> 0.12.0)
  xcflushd!

BUNDLED WITH
   1.13.6
