PATH
  remote: .
  specs:
    xcflushd (0.1.0)
      3scale_client (= 2.8.0)
      concurrent-ruby (= 1.0.2)
      daemons (= 1.2.4)
      gli (= 2.14.0)
      hiredis (= 0.6.1)
      net-http-persistent (= 2.9.4)
      redis (= 3.3.1)

GEM
  remote: https://rubygems.org/
  specs:
    3scale_client (2.8.0)
      nokogiri
    concurrent-ruby (1.0.2)
    daemons (1.2.4)
    diff-lcs (1.2.5)
    docile (1.1.5)
    fakeredis (0.6.0)
      redis (~> 3.2)
    gli (2.14.0)
    hiredis (0.6.1)
    json (2.0.2)
    mini_portile2 (2.1.0)
    net-http-persistent (2.9.4)
    nokogiri (1.6.8)
      mini_portile2 (~> 2.1.0)
      pkg-config (~> 1.1.7)
    pkg-config (1.1.7)
    rake (11.2.2)
    redis (3.3.1)
    rspec (3.5.0)
      rspec-core (~> 3.5.0)
      rspec-expectations (~> 3.5.0)
      rspec-mocks (~> 3.5.0)
    rspec-core (3.5.2)
      rspec-support (~> 3.5.0)
    rspec-expectations (3.5.0)
      diff-lcs (>= 1.2.0, < 2.0)
      rspec-support (~> 3.5.0)
    rspec-mocks (3.5.0)
      diff-lcs (>= 1.2.0, < 2.0)
      rspec-support (~> 3.5.0)
    rspec-support (3.5.0)
    simplecov (0.12.0)
      docile (~> 1.1.0)
      json (>= 1.8, < 3)
      simplecov-html (~> 0.10.0)
    simplecov-html (0.10.0)

PLATFORMS
  ruby

DEPENDENCIES
  bundler (~> 1.12)
  fakeredis (~> 0.6.0)
  rake (~> 11.0)
  rspec (~> 3.0)
  simplecov (~> 0.12.0)
  xcflushd!

BUNDLED WITH
   1.12.5
